GEM
  remote: https://rubygems.org/
  specs:
    ast (2.4.2)
    byebug (11.1.3)
    parallel (1.21.0)
    parser (3.1.0.0)
      ast (~> 2.4.1)
    rainbow (3.0.0)
    regexp_parser (2.2.0)
    rexml (3.2.5)
    rubocop (1.24.1)
      parallel (~> 1.10)
      parser (>= 3.0.0.0)
      rainbow (>= 2.2.2, < 4.0)
      regexp_parser (>= 1.8, < 3.0)
      rexml
      rubocop-ast (>= 1.15.1, < 2.0)
      ruby-progressbar (~> 1.7)
      unicode-display_width (>= 1.4.0, < 3.0)
    rubocop-ast (1.15.1)
      parser (>= 3.0.1.1)
    rubocop-fjord (0.2.0)
      rubocop (>= 1.0)
      rubocop-performance
    rubocop-performance (1.13.1)
      rubocop (>= 1.7.0, < 2.0)
      rubocop-ast (>= 0.4.0)
    ruby-progressbar (1.11.0)
    unicode-display_width (2.1.0)

PLATFORMS
  arm64-darwin-21

DEPENDENCIES
  byebug
  rubocop
  rubocop-fjord

BUNDLED WITH
   2.2.32
