GEM
  remote: https://rubygems.org/
  specs:
    coderay (1.1.3)
    method_source (1.0.0)
    pry (0.14.1)
      coderay (~> 1.1)
      method_source (~> 1.0)
    pry-rails (0.3.9)
      pry (>= 0.10.4)

PLATFORMS
  ruby

DEPENDENCIES
  pry-rails

BUNDLED WITH
   2.1.4
